GEM
  remote: https://rubygems.org/
  specs:
    addressable (2.3.4)
    amq-client (1.0.2)
      amq-protocol (>= 1.2.0)
      eventmachine
    amq-protocol (1.5.0)
    amqp (1.0.2)
      amq-client (~> 1.0.2)
      amq-protocol (>= 1.3.0)
      eventmachine
    cookiejar (0.3.0)
    deferrable_gratification (0.3.1)
      eventmachine
    em-http-request (1.0.3)
      addressable (>= 2.2.3)
      cookiejar
      em-socksify
      eventmachine (>= 1.0.0.beta.4)
      http_parser.rb (>= 0.5.3)
    em-imap (0.4.0)
      deferrable_gratification
      eventmachine
    em-socksify (0.2.1)
      eventmachine (>= 1.0.0.beta.4)
    eventmachine (1.0.3)
    http_parser.rb (0.5.3)
    trollop (2.0)

PLATFORMS
  ruby

DEPENDENCIES
  amqp (~> 1.0.2)
  em-http-request (~> 1.0.3)
  em-imap (~> 0.4.0)
  eventmachine (~> 1.0.3)
  trollop (~> 2.0)
