GEM
  remote: https://rubygems.org/
  specs:
    addressable (2.3.4)
    amq-client (1.0.2)
      amq-protocol (>= 1.2.0)
      eventmachine
    amq-protocol (1.6.0)
    amqp (1.0.2)
      amq-client (~> 1.0.2)
      amq-protocol (>= 1.3.0)
      eventmachine
    cookiejar (0.3.0)
    daemons (1.1.9)
    deferrable_gratification (0.3.1)
      eventmachine
    em-http-request (1.0.3)
      addressable (>= 2.2.3)
      cookiejar
      em-socksify
      eventmachine (>= 1.0.0.beta.4)
      http_parser.rb (>= 0.5.3)
    em-imap (0.4.1)
      deferrable_gratification
      eventmachine
    em-shorturl (0.1.0)
      em-http-request (~> 1.0)
    em-socksify (0.3.0)
      eventmachine (>= 1.0.0.beta.4)
    em-twitter (0.2.2)
      eventmachine (~> 1.0)
      http_parser.rb (~> 0.5)
      simple_oauth (~> 0.1)
    eventmachine (1.0.3)
    faraday (0.8.7)
      multipart-post (~> 1.1)
    http_parser.rb (0.5.3)
    mini_portile (0.5.0)
    multi_json (1.7.7)
    multipart-post (1.2.0)
    nokogiri (1.6.0)
      mini_portile (~> 0.5.0)
    sequel (3.48.0)
    simple_oauth (0.2.0)
    trollop (2.0)
    tweetstream (2.5.0)
      daemons (~> 1.1)
      em-http-request (~> 1.0.2)
      em-twitter (~> 0.2)
      twitter (~> 4.5)
      yajl-ruby (~> 1.1)
    twitter (4.8.1)
      faraday (~> 0.8, < 0.10)
      multi_json (~> 1.0)
      simple_oauth (~> 0.2)
    yajl-ruby (1.1.0)

PLATFORMS
  ruby

DEPENDENCIES
  amqp (~> 1.0)
  em-http-request (~> 1.0)
  em-imap (~> 0.4)
  em-shorturl (~> 0.1)
  eventmachine (~> 1.0)
  nokogiri
  sequel (~> 3.48)
  trollop (~> 2.0)
  tweetstream (~> 2.5)
