GEM
  remote: https://rubygems.org/
  specs:
    amq-client (1.0.2)
      amq-protocol (>= 1.2.0)
      eventmachine
    amq-protocol (1.5.0)
    amqp (1.0.2)
      amq-client (~> 1.0.2)
      amq-protocol (>= 1.3.0)
      eventmachine
    eventmachine (1.0.3)
    trollop (2.0)

PLATFORMS
  ruby

DEPENDENCIES
  amqp
  eventmachine
  trollop
